PATH
  remote: ../ykxutils
  specs:
    ykxutils (0.1.8)
      bundler
      erubi
      rake (~> 13.0)
      tilt

PATH
  remote: .
  specs:
    secretmgr (0.2.0)
      loggerx

GEM
  remote: https://rubygems.org/
  specs:
    ast (2.4.2)
    diff-lcs (1.5.1)
    erubi (1.12.0)
    erubis (2.7.0)
    filex (0.1.8)
      bundler
      erubis
      messagex
      rake (~> 13.0)
    json (2.7.1)
    language_server-protocol (3.17.0.3)
    messagex (0.1.5)
    multi_json (1.15.0)
    parallel (1.24.0)
    parser (3.3.0.5)
      ast (~> 2.4.1)
      racc
    racc (1.7.3)
    rainbow (3.1.1)
    rake (13.1.0)
    regexp_parser (2.9.0)
    rexml (3.2.6)
    rspec (3.13.0)
      rspec-core (~> 3.13.0)
      rspec-expectations (~> 3.13.0)
      rspec-mocks (~> 3.13.0)
    rspec-core (3.13.0)
      rspec-support (~> 3.13.0)
    rspec-expectations (3.13.0)
      diff-lcs (>= 1.2.0, < 2.0)
      rspec-support (~> 3.13.0)
    rspec-mocks (3.13.0)
      diff-lcs (>= 1.2.0, < 2.0)
      rspec-support (~> 3.13.0)
    rspec-support (3.13.0)
    rubocop (1.60.2)
      json (~> 2.3)
      language_server-protocol (>= 3.17.0)
      parallel (~> 1.10)
      parser (>= 3.3.0.2)
      rainbow (>= 2.2.2, < 4.0)
      regexp_parser (>= 1.8, < 3.0)
      rexml (>= 3.2.5, < 4.0)
      rubocop-ast (>= 1.30.0, < 2.0)
      ruby-progressbar (~> 1.7)
      unicode-display_width (>= 2.4.0, < 3.0)
    rubocop-ast (1.30.0)
      parser (>= 3.2.1.0)
    ruby-progressbar (1.13.0)
    tilt (2.3.0)
    unicode-display_width (2.5.0)
    ykutils (0.1.7)
      erubi
      filex
      tilt

PLATFORMS
  x64-mingw-ucrt

DEPENDENCIES
  debug
  loggerx (~> 0.2.0)
  multi_json
  rake (~> 13.0)
  rspec (~> 3.0)
  rubocop (~> 1.21)
  rubocop-rake
  rubocop-rspec
  rufo
  secretmgr!
  ykutils
  ykxutils!

BUNDLED WITH
   2.5.3
